GEM
  remote: https://rubygems.org/
  specs:
    coderay (1.1.1)
    dotenv (2.2.1)
    faraday (0.12.1)
      multipart-post (>= 1.2, < 3)
    hashie (3.5.5)
    json (2.3.1)
    method_source (0.8.2)
    multipart-post (2.0.0)
    pry (0.10.4)
      coderay (~> 1.1.0)
      method_source (~> 0.8.1)
      slop (~> 3.4)
    slop (3.6.0)
    webpagetest (0.0.1)
      faraday
      hashie
      json

PLATFORMS
  ruby

DEPENDENCIES
  dotenv
  pry
  webpagetest

BUNDLED WITH
   1.14.6
