GEM
  remote: https://rubygems.org/
  specs:
    aws-partitions (1.83.0)
    aws-sdk-core (3.20.2)
      aws-partitions (~> 1.0)
      aws-sigv4 (~> 1.0)
      jmespath (~> 1.0)
    aws-sdk-firehose (1.2.0)
      aws-sdk-core (~> 3)
      aws-sigv4 (~> 1.0)
    aws-sigv4 (1.0.2)
    coderay (1.1.2)
    jmespath (1.6.1)
    method_source (0.9.0)
    pry (0.11.3)
      coderay (~> 1.1.0)
      method_source (~> 0.9.0)

PLATFORMS
  ruby

DEPENDENCIES
  aws-sdk-firehose
  pry

BUNDLED WITH
   1.16.1
