GEM
  remote: https://rubygems.org/
  specs:
    amazon-ecs (2.5.0)
      nokogiri (~> 1.4)
      ruby-hmac (~> 0.3)
    coderay (1.1.1)
    dotenv (2.2.1)
    method_source (0.8.2)
    mini_portile2 (2.5.1)
    nokogiri (1.11.4)
      mini_portile2 (~> 2.5.0)
      racc (~> 1.4)
    pry (0.10.4)
      coderay (~> 1.1.0)
      method_source (~> 0.8.1)
      slop (~> 3.4)
    racc (1.5.2)
    ruby-hmac (0.4.0)
    slop (3.6.0)

PLATFORMS
  ruby

DEPENDENCIES
  amazon-ecs
  dotenv
  pry

BUNDLED WITH
   1.14.6
